PATH
  remote: .
  specs:
    platform-api (1.0.1)
      heroics (~> 0.0.21)
      moneta (~> 0.8.1)

GEM
  remote: https://rubygems.org/
  specs:
    coderay (1.1.1)
    erubis (2.7.0)
    excon (0.55.0)
    heroics (0.0.21)
      erubis (~> 2.0)
      excon
      multi_json (>= 1.9.2)
    method_source (0.8.2)
    moneta (0.8.1)
    multi_json (1.12.1)
    pry (0.10.4)
      coderay (~> 1.1.0)
      method_source (~> 0.8.1)
      slop (~> 3.4)
    rake (10.5.0)
    slop (3.6.0)
    yard (0.8.7.6)

PLATFORMS
  ruby

DEPENDENCIES
  bundler (~> 1.3)
  platform-api!
  pry
  rake
  yard

BUNDLED WITH
   1.14.4
