PATH
  remote: .
  specs:
    platform-api (1.0.0)
      heroics (~> 0.0.20)
      moneta (~> 0.8.1)

GEM
  remote: https://rubygems.org/
  specs:
    erubis (2.7.0)
    excon (0.55.0)
    heroics (0.0.20)
      erubis (~> 2.0)
      excon
      multi_json (>= 1.9.2)
    moneta (0.8.1)
    multi_json (1.12.1)
    rake (10.5.0)
    yard (0.8.7.6)

PLATFORMS
  ruby

DEPENDENCIES
  bundler (~> 1.3)
  platform-api!
  rake
  yard

BUNDLED WITH
   1.14.4
